GEM
  remote: http://rubygems.org/
  remote: http://gemcutter.org/
  remote: http://gems.github.com/
  specs:
    chunky_png (1.2.5)
    compass (0.11.5)
      chunky_png (~> 1.2)
      fssm (>= 0.2.7)
      sass (~> 3.1)
    cri (2.0.2)
    fssm (0.2.7)
    kramdown (0.13.3)
    nanoc (3.2.2)
      nanoc3 (>= 3.2.2)
    nanoc3 (3.2.2)
      cri (~> 2.0)
    pdfkit (0.5.2)
    sass (3.1.7)

PLATFORMS
  ruby

DEPENDENCIES
  chunky_png (~> 1.2.5)
  compass (~> 0.11.5)
  kramdown (~> 0.13.3)
  nanoc (= 3.2.2)
  pdfkit (~> 0.5.2)
